GEM
  remote: https://rubygems.org/
  specs:
    byebug (8.2.1)
    childprocess (0.5.8)
      ffi (~> 1.0, >= 1.0.11)
    coderay (1.1.0)
    ffi (1.9.10)
    jar_wrapper (0.1.8)
      zip
    method_source (0.8.2)
    multi_json (1.11.2)
    pry (0.10.3)
      coderay (~> 1.1.0)
      method_source (~> 0.8.1)
      slop (~> 3.4)
    rubyzip (1.1.7)
    selenium (0.2.11)
      jar_wrapper
    selenium-webdriver (2.48.1)
      childprocess (~> 0.5)
      multi_json (~> 1.0)
      rubyzip (~> 1.0)
      websocket (~> 1.0)
    slop (3.6.0)
    websocket (1.2.2)
    zip (2.0.2)

PLATFORMS
  ruby

DEPENDENCIES
  byebug
  pry
  selenium
  selenium-webdriver

BUNDLED WITH
   1.10.6
